GEM
  remote: http://rubygems.org/
  specs:
    addressable (2.3.4)
    diff-lcs (1.2.4)
    faraday (0.8.7)
      multipart-post (~> 1.1)
    fattr (2.2.1)
    github_api (0.10.1)
      addressable
      faraday (~> 0.8.1)
      hashie (>= 1.2)
      multi_json (~> 1.4)
      nokogiri (~> 1.5.2)
      oauth2
    grit (2.5.0)
      diff-lcs (~> 1.1)
      mime-types (~> 1.15)
      posix-spawn (~> 0.3.6)
    hashie (2.0.5)
    httpauth (0.2.0)
    json (1.7.7)
    jwt (0.1.8)
      multi_json (>= 1.5)
    language_sniffer (1.0.2)
    mime-types (1.23)
    multi_json (1.7.4)
    multi_xml (0.5.3)
    multipart-post (1.2.0)
    nokogiri (1.5.9)
    oauth2 (0.9.1)
      faraday (~> 0.8)
      httpauth (~> 0.1)
      jwt (~> 0.1.4)
      multi_json (~> 1.0)
      multi_xml (~> 0.5)
      rack (~> 1.2)
    pg (0.14.1)
    posix-spawn (0.3.6)
    rack (1.5.2)
    rush (0.6.8)
      session
    scrolls (0.2.5)
    sequel (3.41.0)
    session (3.1.0)
      fattr

PLATFORMS
  ruby

DEPENDENCIES
  github_api
  grit
  json (~> 1.7.7)
  language_sniffer
  pg
  rush
  scrolls
  sequel
